GEM
  remote: https://rubygems.org/
  specs:
    addressable (2.5.2)
      public_suffix (>= 2.0.2, < 4.0)
    coderay (1.1.2)
    coffee-script (2.4.1)
      coffee-script-source
      execjs
    coffee-script-source (1.12.2)
    colorator (1.1.0)
    ethon (0.11.0)
      ffi (>= 1.3.0)
    execjs (2.7.0)
    faraday (0.14.0)
      multipart-post (>= 1.2, < 3)
    ffi (1.9.21)
    forwardable-extended (2.6.0)
    jekyll (3.6.0)
      addressable (~> 2.4)
      colorator (~> 1.0)
      jekyll-sass-converter (~> 1.0)
      jekyll-watch (~> 1.1)
      kramdown (~> 1.14)
      liquid (~> 4.0)
      mercenary (~> 0.3.3)
      pathutil (~> 0.9)
      rouge (>= 1.7, < 3)
      safe_yaml (~> 1.0)
    jekyll-avatar (0.5.0)
      jekyll (~> 3.0)
    jekyll-coffeescript (1.0.1)
      coffee-script (~> 2.2)
    jekyll-default-layout (0.1.4)
      jekyll (~> 3.0)
    jekyll-feed (0.9.3)
      jekyll (~> 3.3)
    jekyll-gist (1.5.0)
      octokit (~> 4.2)
    jekyll-github-metadata (2.9.4)
      jekyll (~> 3.1)
      octokit (~> 4.0, != 4.4.0)
    jekyll-include-cache (0.1.0)
      jekyll (~> 3.3)
    jekyll-optional-front-matter (0.3.0)
      jekyll (~> 3.0)
    jekyll-paginate (1.1.0)
    jekyll-readme-index (0.0.3)
      jekyll (~> 3.0)
    jekyll-redirect-from (0.13.0)
      jekyll (~> 3.3)
    jekyll-relative-links (0.5.2)
      jekyll (~> 3.3)
    jekyll-sass-converter (1.5.2)
      sass (~> 3.4)
    jekyll-seo-tag (2.4.0)
      jekyll (~> 3.3)
    jekyll-sitemap (1.2.0)
      jekyll (~> 3.3)
    jekyll-swiss (0.4.0)
    jekyll-theme-architect (0.0.3)
      jekyll (~> 3.3)
    jekyll-theme-cayman (0.0.3)
      jekyll (~> 3.3)
    jekyll-theme-dinky (0.0.3)
      jekyll (~> 3.3)
    jekyll-theme-hacker (0.0.3)
      jekyll (~> 3.3)
    jekyll-theme-leap-day (0.0.3)
      jekyll (~> 3.3)
    jekyll-theme-merlot (0.0.3)
      jekyll (~> 3.3)
    jekyll-theme-midnight (0.0.3)
      jekyll (~> 3.3)
    jekyll-theme-minimal (0.0.3)
      jekyll (~> 3.3)
    jekyll-theme-modernist (0.0.3)
      jekyll (~> 3.3)
    jekyll-theme-primer (0.5.2)
      jekyll (~> 3.5)
      jekyll-github-metadata (~> 2.9)
      jekyll-seo-tag (~> 2.2)
    jekyll-theme-slate (0.0.3)
      jekyll (~> 3.3)
    jekyll-theme-tactile (0.0.3)
      jekyll (~> 3.3)
    jekyll-theme-time-machine (0.0.3)
      jekyll (~> 3.3)
    jekyll-titles-from-headings (0.5.1)
      jekyll (~> 3.3)
    jekyll-watch (1.5.1)
      listen (~> 3.0)
    jekyll-youtube (1.0.0)
      jekyll
    json (1.8.6)
    kramdown (1.16.2)
    liquid (4.0.0)
    listen (3.1.5)
      rb-fsevent (~> 0.9, >= 0.9.4)
      rb-inotify (~> 0.9, >= 0.9.7)
      ruby_dep (~> 1.2)
    mercenary (0.3.6)
    method_source (0.9.0)
    minima (2.3.0)
      jekyll (~> 3.5)
      jekyll-feed (~> 0.9)
      jekyll-seo-tag (~> 2.1)
    multipart-post (2.0.0)
    octokit (4.8.0)
      sawyer (~> 0.8.0, >= 0.5.3)
    pathutil (0.16.1)
      forwardable-extended (~> 2.6)
    pry (0.11.3)
      coderay (~> 1.1.0)
      method_source (~> 0.9.0)
    public_suffix (3.0.2)
    rb-fsevent (0.10.2)
    rb-inotify (0.9.10)
      ffi (>= 0.5.0, < 2)
    rouge (2.2.1)
    ruby_dep (1.5.0)
    safe_yaml (1.0.4)
    sass (3.5.5)
      sass-listen (~> 4.0.0)
    sass-listen (4.0.0)
      rb-fsevent (~> 0.9, >= 0.9.4)
      rb-inotify (~> 0.9, >= 0.9.7)
    sawyer (0.8.1)
      addressable (>= 2.3.5, < 2.6)
      faraday (~> 0.8, < 1.0)
    terminal-table (1.8.0)
      unicode-display_width (~> 1.1, >= 1.1.1)
    unicode-display_width (1.3.0)

PLATFORMS
  ruby

DEPENDENCIES
  coffee-script (~> 2.4)
  coffee-script-source (~> 1.12)
  ethon (~> 0.10)
  execjs (~> 2.7)
  jekyll (= 3.6.0)
  jekyll-avatar (~> 0.4)
  jekyll-coffeescript (~> 1.0)
  jekyll-default-layout (~> 0.1)
  jekyll-feed (~> 0.6)
  jekyll-gist
  jekyll-github-metadata (~> 2.2)
  jekyll-include-cache (~> 0.1)
  jekyll-optional-front-matter (~> 0.1)
  jekyll-paginate (= 1.1.0)
  jekyll-readme-index (= 0.0.3)
  jekyll-redirect-from (~> 0.13)
  jekyll-relative-links (~> 0.2)
  jekyll-seo-tag
  jekyll-sitemap
  jekyll-swiss (~> 0.4)
  jekyll-theme-architect (= 0.0.3)
  jekyll-theme-cayman (= 0.0.3)
  jekyll-theme-dinky (= 0.0.3)
  jekyll-theme-hacker (= 0.0.3)
  jekyll-theme-leap-day (= 0.0.3)
  jekyll-theme-merlot (= 0.0.3)
  jekyll-theme-midnight (= 0.0.3)
  jekyll-theme-minimal (= 0.0.3)
  jekyll-theme-modernist (= 0.0.3)
  jekyll-theme-primer (~> 0.1)
  jekyll-theme-slate (= 0.0.3)
  jekyll-theme-tactile (= 0.0.3)
  jekyll-theme-time-machine (= 0.0.3)
  jekyll-titles-from-headings (~> 0.1)
  jekyll-youtube (~> 1.0)
  json (~> 1.7, >= 1.7.7)
  kramdown (~> 1.11)
  minima (~> 2.0)
  pry
  rouge (~> 2.0)
  terminal-table (~> 1.4)
  unicode-display_width (~> 1.1)

BUNDLED WITH
   1.16.1
